{
    "TaskName": "FRESHAUDIO",
    "Manufacturer": "SNIRF",
    "PowerLineFrequency": 50.0,
    "SamplingFrequency": 5.208333333333333,
    "SoftwareFilters": "n/a",
    "RecordingDuration": 1239.3600000000001,
    "RecordingType": "continuous",
    "EEGChannelCount": 0,
    "EOGChannelCount": 0,
    "ECGChannelCount": 0,
    "EMGChannelCount": 0,
    "MiscChannelCount": 0,
    "TriggerChannelCount": 0,
    "NIRSChannelCount": 66,
    "NIRSSourceOptodeCount": 12,
    "NIRSDetectorOptodeCount": 20
}
